GEM
  remote: https://rubygems.org/
  specs:
    git (1.3.0)
    gli (2.15.0)
      bundler
    mini_portile2 (2.1.0)
    nokogiri (1.6.8.1)
      mini_portile2 (~> 2.1.0)

PLATFORMS
  ruby

DEPENDENCIES
  git
  gli (= 2.15.0)
  nokogiri

BUNDLED WITH
   1.15.4
