GEM
  remote: https://rubygems.org/
  specs:
    git (1.3.0)
    gli (2.15.0)
      bundler
    mail (2.7.0)
      mini_mime (>= 0.1.1)
    mini_mime (1.0.0)
    mini_portile2 (2.1.0)
    nokogiri (1.6.8.1)
      mini_portile2 (~> 2.1.0)

PLATFORMS
  ruby

DEPENDENCIES
  git
  gli (= 2.15.0)
  mail
  nokogiri

BUNDLED WITH
   1.16.1
